GEM
  remote: https://rubygems.org/
  specs:
    ast (2.4.2)
    backport (1.2.0)
    benchmark (0.1.1)
    coderay (1.1.3)
    diff-lcs (1.4.4)
    docile (1.4.0)
    e2mmap (0.1.0)
    jaro_winkler (1.5.4)
    kramdown (2.3.1)
      rexml
    kramdown-parser-gfm (1.1.0)
      kramdown (~> 2.0)
    method_source (1.0.0)
    mini_portile2 (2.6.1)
    nokogiri (1.12.4)
      mini_portile2 (~> 2.6.1)
      racc (~> 1.4)
    nokogiri (1.12.4-x64-mingw32)
      racc (~> 1.4)
    parallel (1.20.1)
    parser (3.0.2.0)
      ast (~> 2.4.1)
    power_assert (2.0.1)
    pry (0.13.1)
      coderay (~> 1.1)
      method_source (~> 1.0)
    racc (1.5.2)
    rainbow (3.0.0)
    rake (12.3.3)
    regexp_parser (2.1.1)
    reverse_markdown (2.0.0)
      nokogiri
    rexml (3.2.5)
    rubocop (1.20.0)
      parallel (~> 1.10)
      parser (>= 3.0.0.0)
      rainbow (>= 2.2.2, < 4.0)
      regexp_parser (>= 1.8, < 3.0)
      rexml
      rubocop-ast (>= 1.9.1, < 2.0)
      ruby-progressbar (~> 1.7)
      unicode-display_width (>= 1.4.0, < 3.0)
    rubocop-ast (1.11.0)
      parser (>= 3.0.1.1)
    ruby-progressbar (1.11.0)
    simplecov (0.21.2)
      docile (~> 1.1)
      simplecov-html (~> 0.11)
      simplecov_json_formatter (~> 0.1)
    simplecov-html (0.12.3)
    simplecov_json_formatter (0.1.3)
    solargraph (0.44.0)
      backport (~> 1.2)
      benchmark
      bundler (>= 1.17.2)
      diff-lcs (~> 1.4)
      e2mmap
      jaro_winkler (~> 1.5)
      kramdown (~> 2.3)
      kramdown-parser-gfm (~> 1.1)
      parser (~> 3.0)
      reverse_markdown (>= 1.0.5, < 3)
      rubocop (>= 0.52)
      thor (~> 1.0)
      tilt (~> 2.0)
      yard (~> 0.9, >= 0.9.24)
    test-unit (3.4.6)
      power_assert
    thor (1.1.0)
    tilt (2.0.10)
    unicode-display_width (2.0.0)
    yard (0.9.26)

PLATFORMS
  ruby
  x64-mingw32

DEPENDENCIES
  pry (~> 0.13.1)
  rake (~> 12.0)
  rubocop
  simplecov
  solargraph (~> 0.44.0)
  test-unit (~> 3.4)

BUNDLED WITH
   2.2.22
